GEM
  remote: http://rubygems.org/
  specs:
    activemodel (3.2.9)
      activesupport (= 3.2.9)
      builder (~> 3.0.0)
    activerecord (3.2.9)
      activemodel (= 3.2.9)
      activesupport (= 3.2.9)
      arel (~> 3.0.2)
      tzinfo (~> 0.3.29)
    activesupport (3.2.9)
      i18n (~> 0.6)
      multi_json (~> 1.0)
    arel (3.0.2)
    builder (3.0.4)
    hirb (0.7.0)
    i18n (0.6.1)
    libxml-ruby (2.3.3)
    multi_json (1.3.7)
    net-http-persistent (2.8)
    rack (1.4.1)
    rack-protection (1.2.0)
      rack
    rake (0.9.5)
    sinatra (1.3.3)
      rack (~> 1.3, >= 1.3.6)
      rack-protection (~> 1.2)
      tilt (~> 1.3, >= 1.3.3)
    sinatra-activerecord (1.1.2)
      activerecord (~> 3.0)
      sinatra (~> 1.0)
    sqlite3 (1.3.6)
    t2-server (0.9.2)
      hirb (>= 0.4.0)
      net-http-persistent (~> 2.6)
      taverna-baclava (~> 1.0.0)
    taverna-baclava (1.0.0)
      builder (~> 3.0.0)
    taverna-t2flow (0.3.0)
      libxml-ruby (>= 1.1.4)
    tilt (1.3.3)
    tzinfo (0.3.35)

PLATFORMS
  ruby

DEPENDENCIES
  rake (~> 0.9.2)
  sinatra (~> 1.3)
  sinatra-activerecord (~> 1.0)
  sqlite3 (~> 1.3)
  t2-server (~> 0.9)
  taverna-t2flow (~> 0.3)
