GEM
  remote: http://rubygems.org/
  specs:
    activemodel (3.2.9)
      activesupport (= 3.2.9)
      builder (~> 3.0.0)
    activerecord (3.2.9)
      activemodel (= 3.2.9)
      activesupport (= 3.2.9)
      arel (~> 3.0.2)
      tzinfo (~> 0.3.29)
    activesupport (3.2.9)
      i18n (~> 0.6)
      multi_json (~> 1.0)
    arel (3.0.2)
    aws-sdk (1.7.1)
      httparty (~> 0.7)
      json (~> 1.4)
      nokogiri (>= 1.4.4)
      uuidtools (~> 2.1)
    builder (3.0.4)
    daemons (1.1.9)
    delayed_job (3.0.4)
      activesupport (~> 3.0)
    delayed_job_active_record (0.3.3)
      activerecord (>= 2.1.0, < 4)
      delayed_job (~> 3.0)
    hirb (0.7.0)
    httparty (0.9.0)
      multi_json (~> 1.0)
      multi_xml
    i18n (0.6.1)
    json (1.7.5)
    libxml-ruby (2.4.0)
    multi_json (1.3.7)
    multi_xml (0.5.1)
    mysql2 (0.3.11)
    net-http-persistent (2.8)
    nokogiri (1.5.5)
    rack (1.4.1)
    rack-protection (1.2.0)
      rack
    rack-test (0.6.2)
      rack (>= 1.0)
    rails-database-url (1.0.0)
    rake (0.9.5)
    sinatra (1.3.3)
      rack (~> 1.3, >= 1.3.6)
      rack-protection (~> 1.2)
      tilt (~> 1.3, >= 1.3.3)
    sinatra-activerecord (1.1.2)
      activerecord (~> 3.0)
      sinatra (~> 1.0)
    sqlite3 (1.3.6)
    t2-server (0.9.2)
      hirb (>= 0.4.0)
      net-http-persistent (~> 2.6)
      taverna-baclava (~> 1.0.0)
    taverna-baclava (1.0.0)
      builder (~> 3.0.0)
    taverna-t2flow (0.4.0)
      libxml-ruby (>= 1.1.4)
    tilt (1.3.3)
    tzinfo (0.3.35)
    uuidtools (2.1.3)

PLATFORMS
  ruby

DEPENDENCIES
  aws-sdk (~> 1.7.1)
  daemons (~> 1.1.9)
  delayed_job_active_record (~> 0.3.3)
  mysql2 (~> 0.3)
  rack-test (~> 0.6)
  rails-database-url (~> 1.0.0)
  rake (~> 0.9.2)
  sinatra (~> 1.3)
  sinatra-activerecord (~> 1.0)
  sqlite3 (~> 1.3)
  t2-server (~> 0.9)
  taverna-t2flow (~> 0.4)
